GEM
  remote: http://rubygems.org/
  specs:
    mini_portile2 (2.4.0)
    mustache (0.99.4)
    nokogiri (1.10.5)
      mini_portile2 (~> 2.4.0)
    orph (0.1.1)
      nokogiri
    rake (10.3.2)
    rb-fsevent (0.9.0)
    rdiscount (1.6.8)
    sass (3.3.10)

PLATFORMS
  ruby

DEPENDENCIES
  mustache
  orph
  rake
  rb-fsevent
  rdiscount
  sass
